PATH
  remote: .
  specs:
    rspec-subject_call (1.0.0)

GEM
  remote: https://rubygems.org/
  specs:

PLATFORMS
  ruby

DEPENDENCIES
  rspec-subject_call!
